GEM
  remote: https://rubygems.org/
  specs:
    actionpack (4.1.16)
      actionview (= 4.1.16)
      activesupport (= 4.1.16)
      rack (~> 1.5.2)
      rack-test (~> 0.6.2)
    actionview (4.1.16)
      activesupport (= 4.1.16)
      builder (~> 3.1)
      erubis (~> 2.7.0)
    activesupport (4.1.16)
      i18n (~> 0.6, >= 0.6.9)
      json (~> 1.7, >= 1.7.7)
      minitest (~> 5.1)
      thread_safe (~> 0.1)
      tzinfo (~> 1.1)
    autoloaded (2.1.1)
    better_errors (1.1.0)
      coderay (>= 1.0.0)
      erubis (>= 2.6.6)
    builder (3.2.2)
    coderay (1.1.1)
    colorize (0.8.1)
    diff-lcs (1.3)
    domain_name (0.5.24)
      unf (>= 0.0.5, < 1.0.0)
    dotenv (2.2.1)
    erubis (2.7.0)
    ffi (1.9.10)
    highline (1.7.3)
    http-cookie (1.0.2)
      domain_name (~> 0.5)
    i18n (0.7.0)
    json (1.8.3)
    libnotify (0.9.1)
      ffi (>= 1.0.11)
    macaddr (1.7.1)
      systemu (~> 2.6.2)
    mechanize (2.7.3)
      domain_name (~> 0.5, >= 0.5.1)
      http-cookie (~> 1.0)
      mime-types (~> 2.0)
      net-http-digest_auth (~> 1.1, >= 1.1.1)
      net-http-persistent (~> 2.5, >= 2.5.2)
      nokogiri (~> 1.4)
      ntlm-http (~> 0.1, >= 0.1.1)
      webrobots (>= 0.0.9, < 0.2)
    mime-types (2.6.1)
    mini_portile2 (2.4.0)
    minitest (5.9.1)
    net-http-digest_auth (1.4)
    net-http-persistent (2.9.4)
    nokogiri (1.10.8)
      mini_portile2 (~> 2.4.0)
    ntlm-http (0.1.1)
    nyny (3.4.3)
      actionpack (~> 4.1.6)
      better_errors (~> 1.1.0)
      rack-contrib (~> 1.1.0)
      tilt (~> 1.4.1)
    rack (1.5.5)
    rack-contrib (1.1.0)
      rack (>= 0.9.1)
    rack-test (0.6.3)
      rack (>= 1.0)
    rspec (3.8.0)
      rspec-core (~> 3.8.0)
      rspec-expectations (~> 3.8.0)
      rspec-mocks (~> 3.8.0)
    rspec-core (3.8.0)
      rspec-support (~> 3.8.0)
    rspec-expectations (3.8.2)
      diff-lcs (>= 1.2.0, < 2.0)
      rspec-support (~> 3.8.0)
    rspec-mocks (3.8.0)
      diff-lcs (>= 1.2.0, < 2.0)
      rspec-support (~> 3.8.0)
    rspec-support (3.8.0)
    ruby-growl (4.1)
      uuid (~> 2.3, >= 2.3.5)
    systemu (2.6.5)
    thread_safe (0.3.5)
    tilt (1.4.1)
    tzinfo (1.2.2)
      thread_safe (~> 0.1)
    unf (0.1.4)
      unf_ext
    unf_ext (0.0.7.1)
    uuid (2.3.8)
      macaddr (~> 1.0)
    webrobots (0.1.1)

PLATFORMS
  ruby

DEPENDENCIES
  autoloaded
  colorize
  dotenv
  highline
  libnotify
  mechanize
  nyny
  rspec
  ruby-growl

BUNDLED WITH
   1.13.6
